GEM
  remote: http://rubygems.org/
  specs:
    daemons (1.2.6)
    eventmachine (1.2.7)
    mustermann (1.0.3)
    nokogiri (1.5.5)
    rack (2.0.6)
    rack-protection (2.0.4)
      rack
    sinatra (2.0.4)
      mustermann (~> 1.0)
      rack (~> 2.0)
      rack-protection (= 2.0.4)
      tilt (~> 2.0)
    thin (1.7.2)
      daemons (~> 1.0, >= 1.0.9)
      eventmachine (~> 1.0, >= 1.0.4)
      rack (>= 1, < 3)
    tilt (2.0.8)

PLATFORMS
  ruby

DEPENDENCIES
  nokogiri
  sinatra (>= 1.3.2)
  thin (>= 1.3.1)

BUNDLED WITH
   1.16.6
